GIT
  remote: http://github.com/sinatra/sinatra.git
  revision: 1187a866346e82c98b8ad545b8f155632f7d9283
  specs:
    sinatra (1.0)
      rack (>= 1.0)

PATH
  remote: /home/gimi/projects/hejia/mongorb
  specs:
    mongorb (0.0.1)
      activemodel (~> 3)
      activesupport (~> 3)
      dm-core (~> 1)
      mongo (~> 1.0.8)

GEM
  remote: http://rubygems.org/
  specs:
    activemodel (3.0.0)
      activesupport (= 3.0.0)
      builder (~> 2.1.2)
      i18n (~> 0.4.1)
    activesupport (3.0.0)
    addressable (2.2.1)
    bson (1.0.7)
    bson_ext (1.0.7)
    builder (2.1.2)
    daemons (1.1.0)
    dm-core (1.0.2)
      addressable (~> 2.2)
      extlib (~> 0.9.15)
    eventmachine (0.12.10)
    extlib (0.9.15)
    fuzzyhash (0.0.11)
    haml (3.0.18)
    i18n (0.4.1)
    mongo (1.0.8)
      bson (>= 1.0.5)
    rack (1.2.1)
    thin (1.2.7)
      daemons (>= 1.0.9)
      eventmachine (>= 0.12.6)
      rack (>= 1.0.0)
    tilt (1.1)
    url_mount (0.2.1)
      rack
    usher (0.8.3)
      fuzzyhash (>= 0.0.11)

PLATFORMS
  ruby

DEPENDENCIES
  bson_ext (~> 1.0.7)
  haml (~> 3.0.18)
  mongorb!
  sinatra!
  thin
  tilt (~> 1.1)
  url_mount (~> 0.2.1)
  usher (~> 0.8.3)
