GIT
  remote: http://github.com/defunkt/resque.git
  revision: 37385f18bc634f86710bb93ee42d04c8c52ab3d0
  specs:
    resque (1.11.0)
      json (~> 1.4.6)
      redis-namespace (~> 0.8.0)
      sinatra (>= 0.9.2)
      vegas (~> 0.1.2)

GIT
  remote: http://github.com/sinatra/sinatra.git
  revision: 9cfa74a7f352e13eb7f4f90cb8270fe51f611be5
  specs:
    sinatra (1.1.0)
      rack (>= 1.0)
      tilt (~> 1.1)

GEM
  remote: http://rubygems.org/
  specs:
    activemodel (3.0.0)
      activesupport (= 3.0.0)
      builder (~> 2.1.2)
      i18n (~> 0.4.1)
    activerecord (3.0.0)
      activemodel (= 3.0.0)
      activesupport (= 3.0.0)
      arel (~> 1.0.0)
      tzinfo (~> 0.3.23)
    activesupport (3.0.0)
    arel (1.0.1)
      activesupport (~> 3.0.0)
    builder (2.1.2)
    daemons (1.1.0)
    eventmachine (0.12.10)
    haml (3.0.21)
    i18n (0.4.1)
    json (1.4.6)
    mysql2 (0.2.4)
    nokogiri (1.4.3.1)
    rack (1.2.1)
    redis (2.0.10)
    redis-namespace (0.8.0)
      redis (< 3.0.0)
    thin (1.2.7)
      daemons (>= 1.0.9)
      eventmachine (>= 0.12.6)
      rack (>= 1.0.0)
    tilt (1.1)
    tzinfo (0.3.23)
    vegas (0.1.7)
      rack (>= 1.0.0)

PLATFORMS
  ruby

DEPENDENCIES
  activerecord (~> 3)
  haml
  mysql2
  nokogiri (~> 1.4.3.1)
  resque!
  sinatra!
  thin
  vegas (~> 0.1.7)
