GIT
  remote: http://github.com/sinatra/sinatra.git
  revision: 1187a866346e82c98b8ad545b8f155632f7d9283
  specs:
    sinatra (1.0)
      rack (>= 1.0)

GEM
  remote: http://rubygems.org/
  specs:
    activemodel (3.0.0)
      activesupport (= 3.0.0)
      builder (~> 2.1.2)
      i18n (~> 0.4.1)
    activerecord (3.0.0)
      activemodel (= 3.0.0)
      activesupport (= 3.0.0)
      arel (~> 1.0.0)
      tzinfo (~> 0.3.23)
    activesupport (3.0.0)
    arel (1.0.1)
      activesupport (~> 3.0.0)
    builder (2.1.2)
    daemons (1.1.0)
    eventmachine (0.12.10)
    haml (3.0.18)
    i18n (0.4.1)
    mysql2 (0.2.4)
    rack (1.2.1)
    thin (1.2.7)
      daemons (>= 1.0.9)
      eventmachine (>= 0.12.6)
      rack (>= 1.0.0)
    tzinfo (0.3.23)

PLATFORMS
  ruby

DEPENDENCIES
  activerecord (~> 3)
  haml
  mysql2
  sinatra!
  thin
